GEM
  remote: http://rubygems.org/
  specs:
    haml (3.1.2)
    hassle (0.0.1)
      haml
      rack
    kgio (2.5.0)
    less (2.0.4)
      therubyracer (~> 0.9.1)
    libv8 (3.3.10.2)
    maruku (0.6.0)
      syntax (>= 1.0.0)
    rack (1.3.0)
    shotgun (0.9)
      rack (>= 1.0)
    sinatra (1.2.6)
      rack (~> 1.1)
      tilt (>= 1.2.2, < 2.0)
    syntax (1.0.0)
    therubyracer (0.9.1)
      libv8 (~> 3.3.10)
    tilt (1.3.2)
    unicorn (3.7.0)
      kgio (~> 2.3)
      rack

PLATFORMS
  ruby

DEPENDENCIES
  haml
  hassle
  less
  maruku
  shotgun
  sinatra (= 1.2.6)
  unicorn
